GEM
  remote: https://rubygems.org/
  specs:
    csv (3.2.3)
    diff-lcs (1.5.0)
    json (2.6.1)
    optparse (0.2.0)
    rspec (3.11.0)
      rspec-core (~> 3.11.0)
      rspec-expectations (~> 3.11.0)
      rspec-mocks (~> 3.11.0)
    rspec-core (3.11.0)
      rspec-support (~> 3.11.0)
    rspec-expectations (3.11.0)
      diff-lcs (>= 1.2.0, < 2.0)
      rspec-support (~> 3.11.0)
    rspec-mocks (3.11.1)
      diff-lcs (>= 1.2.0, < 2.0)
      rspec-support (~> 3.11.0)
    rspec-support (3.11.0)
    uri (0.11.0)

PLATFORMS
  universal-darwin-20

DEPENDENCIES
  csv
  json
  optparse
  rspec
  uri

RUBY VERSION
   ruby 2.7.2p137

BUNDLED WITH
   2.2.27
