GEM
  remote: https://rubygems.org/
  specs:
    csv (3.2.3)
    json (2.6.1)
    optparse (0.2.0)
    uri (0.11.0)

PLATFORMS
  universal-darwin-20

DEPENDENCIES
  csv
  json
  optparse
  uri

RUBY VERSION
   ruby 2.7.2p137

BUNDLED WITH
   2.2.27
